GEM
  remote: https://rubygems.org/
  specs:
    wdm (0.1.1)

PLATFORMS
  x64-mingw-ucrt
  x64-mingw32

DEPENDENCIES
  wdm (>= 0.1.0)

BUNDLED WITH
   2.4.19
